GEM
  remote: http://rubygems.org/
  specs:
    chunky_png (1.3.4)
    color (1.7.1)
    diff-lcs (1.2.5)
    oily_png (1.2.0)
      chunky_png (~> 1.3.1)
    rspec (3.2.0)
      rspec-core (~> 3.2.0)
      rspec-expectations (~> 3.2.0)
      rspec-mocks (~> 3.2.0)
    rspec-core (3.2.3)
      rspec-support (~> 3.2.0)
    rspec-expectations (3.2.1)
      diff-lcs (>= 1.2.0, < 2.0)
      rspec-support (~> 3.2.0)
    rspec-mocks (3.2.1)
      diff-lcs (>= 1.2.0, < 2.0)
      rspec-support (~> 3.2.0)
    rspec-support (3.2.2)

PLATFORMS
  ruby

DEPENDENCIES
  bundler (>= 1.0)
  color
  oily_png
  rspec (>= 3.2.0)
