GEM
  remote: http://rubygems.org/
  specs:
    CFPropertyList (2.2.8)
    chunky_png (1.3.4)
    color (1.7.1)
    facter (2.4.4)
      CFPropertyList (~> 2.2.6)
    oily_png (1.2.0)
      chunky_png (~> 1.3.1)
    rmagick (2.15.3)

PLATFORMS
  ruby

DEPENDENCIES
  bundler (>= 1.0)
  color
  facter
  oily_png
  rmagick
